NUGET
  remote: https://pkgs.dev.azure.com/sdl/_packaging/SDLNuget/nuget/v3/index.json
    Sdl.PluginFramework (6.1.7) - restriction: >= net48
